GEM
  remote: https://rubygems.org/
  specs:
    coderay (1.0.7)
    diff-lcs (1.1.3)
    haml (3.1.6)
    jsonpath (0.5.0)
      multi_json
    method_source (0.7.1)
    multi_json (1.3.6)
    nokogiri (1.5.5)
    pry (0.9.9.6)
      coderay (~> 1.0.5)
      method_source (~> 0.7.1)
      slop (>= 2.4.4, < 3)
    rack (1.4.1)
    rspec (2.11.0)
      rspec-core (~> 2.11.0)
      rspec-expectations (~> 2.11.0)
      rspec-mocks (~> 2.11.0)
    rspec-core (2.11.0)
    rspec-expectations (2.11.1)
      diff-lcs (~> 1.1.3)
    rspec-mocks (2.11.1)
    shotgun (0.9)
      rack (>= 1.0)
    slop (2.4.4)

PLATFORMS
  ruby

DEPENDENCIES
  haml
  jsonpath
  nokogiri
  pry
  rack
  rspec
  rspec-mocks
  shotgun
