GEM
  remote: https://rubygems.org/
  specs:
    diff-lcs (1.1.3)
    jsonpath (0.5.0)
      multi_json
    multi_json (1.3.6)
    nokogiri (1.5.5)
    rspec (2.11.0)
      rspec-core (~> 2.11.0)
      rspec-expectations (~> 2.11.0)
      rspec-mocks (~> 2.11.0)
    rspec-core (2.11.0)
    rspec-expectations (2.11.1)
      diff-lcs (~> 1.1.3)
    rspec-mocks (2.11.1)

PLATFORMS
  ruby

DEPENDENCIES
  jsonpath
  nokogiri
  rspec
